PATH
  remote: .
  specs:
    cwilliams_view_tool (0.1.0)

GEM
  remote: https://rubygems.org/
  specs:
    rake (12.3.3)

PLATFORMS
  ruby

DEPENDENCIES
  cwilliams_view_tool!
  rake (>= 12.3.3)

BUNDLED WITH
   2.1.4
